GEM
  remote: https://rubygems.org/
  specs:
    harvested (3.1.1)
      hashie
      httparty
      json
    hashie (3.4.4)
    httparty (0.13.7)
      json (~> 1.8)
      multi_xml (>= 0.5.2)
    json (1.8.3)
    multi_xml (0.5.5)

PLATFORMS
  ruby

DEPENDENCIES
  harvested (~> 3.1.1)

BUNDLED WITH
   1.12.3
