GEM
  remote: http://rubygems.org/
  specs:
    harvested (1.2.0)
      hashie (~> 1)
      httparty
      json
    hashie (1.2.0)
    httparty (0.13.0)
      json (~> 1.8)
      multi_xml (>= 0.5.2)
    json (1.8.1)
    multi_xml (0.5.5)

PLATFORMS
  ruby

DEPENDENCIES
  harvested (~> 1.2.0)
