GEM
  remote: https://rubygems.org/
  specs:
    harvested (3.1.0)
      hashie
      httparty
      json
    hashie (3.3.2)
    httparty (0.13.3)
      json (~> 1.8)
      multi_xml (>= 0.5.2)
    json (1.8.1)
    multi_xml (0.5.5)

PLATFORMS
  ruby

DEPENDENCIES
  harvested (~> 3.1.0)
